PATH
  remote: .
  specs:
    query_counter (0.1.0)
      activesupport (>= 5.0)
      launchy

GEM
  remote: https://rubygems.org/
  specs:
    activesupport (7.1.3.4)
      base64
      bigdecimal
      concurrent-ruby (~> 1.0, >= 1.0.2)
      connection_pool (>= 2.2.5)
      drb
      i18n (>= 1.6, < 2)
      minitest (>= 5.1)
      mutex_m
      tzinfo (~> 2.0)
    addressable (2.8.7)
      public_suffix (>= 2.0.2, < 7.0)
    base64 (0.2.0)
    bigdecimal (3.1.8)
    childprocess (5.0.0)
    concurrent-ruby (1.3.3)
    connection_pool (2.4.1)
    drb (2.2.1)
    i18n (1.14.5)
      concurrent-ruby (~> 1.0)
    launchy (3.0.1)
      addressable (~> 2.8)
      childprocess (~> 5.0)
    minitest (5.20.0)
    mutex_m (0.2.0)
    public_suffix (5.1.1)
    tzinfo (2.0.6)
      concurrent-ruby (~> 1.0)

PLATFORMS
  x86_64-linux

DEPENDENCIES
  activesupport
  launchy
  minitest (~> 5.0)
  query_counter!

BUNDLED WITH
   2.3.6
